

GROUP Analyzers
RESTRICTION: == net45
NUGET
  remote: http://www.nuget.org/api/v2
    AsyncUsageAnalyzers (1.0.0-alpha003)
    Gu.Analyzers (1.3.1-dev)
    IDisposableAnalyzers (2.0.6)
    JetBrains.Annotations (2018.2.1)
    Microsoft.CodeAnalysis.FxCopAnalyzers (2.6.2)
      Microsoft.CodeQuality.Analyzers (2.6.2)
      Microsoft.NetCore.Analyzers (2.6.2)
      Microsoft.NetFramework.Analyzers (2.6.2)
      Text.Analyzers (2.6.2)
    Microsoft.CodeQuality.Analyzers (2.6.2)
    Microsoft.NetCore.Analyzers (2.6.2)
    Microsoft.NetFramework.Analyzers (2.6.2)
    PropertyChangedAnalyzers (2.7)
    PublicApiAnalyzer (1.0.0-beta001)
    ReflectionAnalyzers (0.1.19-dev)
    StyleCop.Analyzers (1.1.1-beta.61)
      StyleCop.Analyzers.Unstable (>= 1.1.1.61)
    StyleCop.Analyzers.Unstable (1.1.1.61)
    Text.Analyzers (2.6.2)
    WpfAnalyzers (2.2.0.2)

GROUP Build
RESTRICTION: == net45
NUGET
  remote: http://www.nuget.org/api/v2
    SourceLink.Create.CommandLine (2.8.3)

GROUP Test
STORAGE: NONE
RESTRICTION: == net45
NUGET
  remote: http://www.nuget.org/api/v2
    Gu.Wpf.UiAutomation (0.2.5)
    NUnit (3.11)
