

GROUP Analyzers
RESTRICTION: || (== net45) (== netcoreapp3.0)
NUGET
  remote: http://www.nuget.org/api/v2
    AsyncUsageAnalyzers (1.0.0-alpha003)
    Gu.Analyzers (1.5.5-dev)
    IDisposableAnalyzers (2.1.2)
    JetBrains.Annotations (2019.1.3)
    Microsoft.CodeAnalysis.FxCopAnalyzers (2.9.5)
      Microsoft.CodeAnalysis.VersionCheckAnalyzer (2.9.5)
      Microsoft.CodeQuality.Analyzers (2.9.5)
      Microsoft.NetCore.Analyzers (2.9.5)
      Microsoft.NetFramework.Analyzers (2.9.5)
    Microsoft.CodeAnalysis.PublicApiAnalyzers (2.9.5)
    Microsoft.CodeAnalysis.VersionCheckAnalyzer (2.9.5)
    Microsoft.CodeQuality.Analyzers (2.9.5)
    Microsoft.NetCore.Analyzers (2.9.5)
    Microsoft.NetFramework.Analyzers (2.9.5)
    PropertyChangedAnalyzers (2.7.2)
    ReflectionAnalyzers (0.1.20-dev)
    StyleCop.Analyzers (1.2.0-beta.66)
      StyleCop.Analyzers.Unstable (>= 1.2.0.66)
    StyleCop.Analyzers.Unstable (1.2.0.66)
    WpfAnalyzers (2.4)

GROUP Build
NUGET
  remote: http://www.nuget.org/api/v2
    SourceLink.Create.CommandLine (2.8.3)

GROUP Test
STORAGE: NONE
RESTRICTION: || (== net45) (== netcoreapp3.0)
NUGET
  remote: http://www.nuget.org/api/v2
    Gu.Wpf.UiAutomation (0.2.8)
    Microsoft.CodeCoverage (16.3)
    Microsoft.DotNet.InternalAbstractions (1.0) - restriction: || (&& (== net45) (>= netcoreapp1.0)) (== netcoreapp3.0)
      System.AppContext (>= 4.1) - restriction: || (&& (== net45) (>= netstandard1.3)) (== netcoreapp3.0)
      System.Collections (>= 4.0.11) - restriction: || (&& (== net45) (>= netstandard1.3)) (== netcoreapp3.0)
      System.IO (>= 4.1) - restriction: || (&& (== net45) (>= netstandard1.3)) (== netcoreapp3.0)
      System.IO.FileSystem (>= 4.0.1) - restriction: || (&& (== net45) (>= netstandard1.3)) (== netcoreapp3.0)
      System.Reflection.TypeExtensions (>= 4.1) - restriction: || (&& (== net45) (>= netstandard1.3)) (== netcoreapp3.0)
      System.Runtime.Extensions (>= 4.1) - restriction: || (&& (== net45) (>= netstandard1.3)) (== netcoreapp3.0)
      System.Runtime.InteropServices (>= 4.1) - restriction: || (&& (== net45) (>= netstandard1.3)) (== netcoreapp3.0)
      System.Runtime.InteropServices.RuntimeInformation (>= 4.0) - restriction: || (&& (== net45) (>= netstandard1.3)) (== netcoreapp3.0)
    Microsoft.NET.Test.Sdk (16.3)
      Microsoft.CodeCoverage (>= 16.3)
      Microsoft.TestPlatform.TestHost (>= 16.3) - restriction: || (&& (== net45) (>= netcoreapp1.0)) (== netcoreapp3.0)
    Microsoft.NETCore.Platforms (2.2.2) - restriction: || (&& (== net45) (>= netcoreapp2.0)) (== netcoreapp3.0)
    Microsoft.NETCore.Targets (2.1) - restriction: || (&& (== net45) (>= netcoreapp1.0)) (== netcoreapp3.0)
    Microsoft.TestPlatform.ObjectModel (16.3) - restriction: || (&& (== net45) (>= netcoreapp1.0) (>= uap10.0)) (&& (== net45) (>= netcoreapp2.1)) (== netcoreapp3.0)
      NuGet.Frameworks (>= 5.0) - restriction: || (&& (== net45) (>= net451)) (&& (== net45) (>= netstandard2.0)) (== netcoreapp3.0)
    Microsoft.TestPlatform.TestHost (16.3) - restriction: || (&& (== net45) (>= netcoreapp1.0)) (== netcoreapp3.0)
      Microsoft.TestPlatform.ObjectModel (>= 16.3) - restriction: || (&& (== net45) (>= netcoreapp2.1)) (&& (== net45) (>= uap10.0)) (== netcoreapp3.0)
      Newtonsoft.Json (>= 9.0.1) - restriction: || (&& (== net45) (>= netcoreapp2.1)) (&& (== net45) (>= uap10.0)) (== netcoreapp3.0)
    Microsoft.Win32.Primitives (4.3) - restriction: || (&& (== net45) (>= netcoreapp1.0)) (== netcoreapp3.0)
      Microsoft.NETCore.Platforms (>= 1.1) - restriction: || (&& (== net45) (>= netstandard1.3)) (== netcoreapp3.0)
      Microsoft.NETCore.Targets (>= 1.1) - restriction: || (&& (== net45) (>= netstandard1.3)) (== netcoreapp3.0)
      System.Runtime (>= 4.3) - restriction: || (&& (== net45) (>= netstandard1.3)) (== netcoreapp3.0)
    Microsoft.Win32.Registry (4.5) - restriction: || (&& (== net45) (>= netcoreapp1.0)) (== netcoreapp3.0)
      System.Security.AccessControl (>= 4.5) - restriction: || (&& (== net45) (>= monoandroid)) (&& (== net45) (>= monotouch)) (&& (== net45) (>= net461)) (&& (== net45) (>= netcoreapp2.0)) (&& (== net45) (>= netstandard2.0)) (&& (== net45) (>= xamarinios)) (&& (== net45) (>= xamarinmac)) (&& (== net45) (>= xamarintvos)) (&& (== net45) (>= xamarinwatchos)) (== netcoreapp3.0)
      System.Security.Principal.Windows (>= 4.5) - restriction: || (&& (== net45) (>= monoandroid)) (&& (== net45) (>= monotouch)) (&& (== net45) (>= net461)) (&& (== net45) (>= netcoreapp2.0)) (&& (== net45) (>= netstandard2.0)) (&& (== net45) (>= xamarinios)) (&& (== net45) (>= xamarinmac)) (&& (== net45) (>= xamarintvos)) (&& (== net45) (>= xamarinwatchos)) (== netcoreapp3.0)
    NETStandard.Library (2.0.3) - restriction: || (&& (== net45) (< net35) (>= netstandard2.0)) (== netcoreapp3.0)
      Microsoft.NETCore.Platforms (>= 1.1)
    Newtonsoft.Json (12.0.2) - restriction: || (&& (== net45) (>= netcoreapp1.0) (>= uap10.0)) (&& (== net45) (>= netcoreapp2.1)) (== netcoreapp3.0)
    NuGet.Frameworks (5.3) - restriction: || (&& (== net45) (>= net451) (>= netcoreapp1.0) (>= uap10.0)) (&& (== net45) (>= netcoreapp1.0) (>= netstandard2.0) (>= uap10.0)) (&& (== net45) (>= netcoreapp2.1)) (== netcoreapp3.0)
    NUnit (3.12)
      NETStandard.Library (>= 2.0) - restriction: || (&& (== net45) (< net35) (>= netstandard2.0)) (== netcoreapp3.0)
    NUnit3TestAdapter (3.15.1)
      Microsoft.DotNet.InternalAbstractions (>= 1.0) - restriction: || (&& (== net45) (>= netcoreapp1.0)) (== netcoreapp3.0)
      System.ComponentModel.EventBasedAsync (>= 4.3) - restriction: || (&& (== net45) (>= netcoreapp1.0)) (== netcoreapp3.0)
      System.ComponentModel.TypeConverter (>= 4.3) - restriction: || (&& (== net45) (>= netcoreapp1.0)) (== netcoreapp3.0)
      System.Diagnostics.Process (>= 4.3) - restriction: || (&& (== net45) (>= netcoreapp1.0)) (== netcoreapp3.0)
      System.Reflection (>= 4.3) - restriction: || (&& (== net45) (>= netcoreapp1.0)) (== netcoreapp3.0)
      System.Runtime.InteropServices.RuntimeInformation (>= 4.3) - restriction: || (&& (== net45) (>= netcoreapp1.0)) (== netcoreapp3.0)
      System.Threading.Thread (>= 4.3) - restriction: || (&& (== net45) (>= netcoreapp1.0)) (== netcoreapp3.0)
      System.Xml.XmlDocument (>= 4.3) - restriction: || (&& (== net45) (>= netcoreapp1.0)) (== netcoreapp3.0)
      System.Xml.XPath.XmlDocument (>= 4.3) - restriction: || (&& (== net45) (>= netcoreapp1.0)) (== netcoreapp3.0)
    runtime.native.System (4.3.1) - restriction: || (&& (== net45) (>= netcoreapp1.0)) (== netcoreapp3.0)
      Microsoft.NETCore.Platforms (>= 1.1.1)
      Microsoft.NETCore.Targets (>= 1.1.3)
    System.AppContext (4.3) - restriction: || (&& (== net45) (>= netcoreapp1.0)) (== netcoreapp3.0)
      System.Runtime (>= 4.3) - restriction: || (&& (== net45) (>= netstandard1.3)) (&& (== net45) (>= netstandard1.6)) (== netcoreapp3.0)
    System.Collections (4.3) - restriction: || (&& (== net45) (>= netcoreapp1.0)) (== netcoreapp3.0)
      Microsoft.NETCore.Platforms (>= 1.1) - restriction: == netcoreapp3.0
      Microsoft.NETCore.Targets (>= 1.1) - restriction: == netcoreapp3.0
      System.Runtime (>= 4.3) - restriction: == netcoreapp3.0
    System.Collections.NonGeneric (4.3) - restriction: || (&& (== net45) (>= netcoreapp1.0)) (== netcoreapp3.0)
      System.Diagnostics.Debug (>= 4.3) - restriction: || (&& (== net45) (>= netstandard1.3)) (== netcoreapp3.0)
      System.Globalization (>= 4.3) - restriction: || (&& (== net45) (>= netstandard1.3)) (== netcoreapp3.0)
      System.Resources.ResourceManager (>= 4.3) - restriction: || (&& (== net45) (>= netstandard1.3)) (== netcoreapp3.0)
      System.Runtime (>= 4.3) - restriction: || (&& (== net45) (>= netstandard1.3)) (== netcoreapp3.0)
      System.Runtime.Extensions (>= 4.3) - restriction: || (&& (== net45) (>= netstandard1.3)) (== netcoreapp3.0)
      System.Threading (>= 4.3) - restriction: || (&& (== net45) (>= netstandard1.3)) (== netcoreapp3.0)
    System.Collections.Specialized (4.3) - restriction: || (&& (== net45) (>= netcoreapp1.0)) (== netcoreapp3.0)
      System.Collections.NonGeneric (>= 4.3) - restriction: || (&& (== net45) (>= netstandard1.3)) (== netcoreapp3.0)
      System.Globalization (>= 4.3) - restriction: || (&& (== net45) (>= netstandard1.3)) (== netcoreapp3.0)
      System.Globalization.Extensions (>= 4.3) - restriction: || (&& (== net45) (>= netstandard1.3)) (== netcoreapp3.0)
      System.Resources.ResourceManager (>= 4.3) - restriction: || (&& (== net45) (>= netstandard1.3)) (== netcoreapp3.0)
      System.Runtime (>= 4.3) - restriction: || (&& (== net45) (>= netstandard1.3)) (== netcoreapp3.0)
      System.Runtime.Extensions (>= 4.3) - restriction: || (&& (== net45) (>= netstandard1.3)) (== netcoreapp3.0)
      System.Threading (>= 4.3) - restriction: || (&& (== net45) (>= netstandard1.3)) (== netcoreapp3.0)
    System.ComponentModel (4.3) - restriction: || (&& (== net45) (>= netcoreapp1.0)) (== netcoreapp3.0)
      System.Runtime (>= 4.3) - restriction: == netcoreapp3.0
    System.ComponentModel.EventBasedAsync (4.3) - restriction: || (&& (== net45) (>= netcoreapp1.0)) (== netcoreapp3.0)
      System.Resources.ResourceManager (>= 4.3) - restriction: == netcoreapp3.0
      System.Runtime (>= 4.3) - restriction: == netcoreapp3.0
      System.Threading (>= 4.3) - restriction: == netcoreapp3.0
      System.Threading.Tasks (>= 4.3) - restriction: == netcoreapp3.0
    System.ComponentModel.Primitives (4.3) - restriction: || (&& (== net45) (>= netcoreapp1.0)) (== netcoreapp3.0)
      System.ComponentModel (>= 4.3) - restriction: == netcoreapp3.0
      System.Resources.ResourceManager (>= 4.3) - restriction: == netcoreapp3.0
      System.Runtime (>= 4.3) - restriction: == netcoreapp3.0
    System.ComponentModel.TypeConverter (4.3) - restriction: || (&& (== net45) (>= netcoreapp1.0)) (== netcoreapp3.0)
      System.Collections (>= 4.3) - restriction: == netcoreapp3.0
      System.Collections.NonGeneric (>= 4.3) - restriction: || (&& (== net45) (>= net462)) (== netcoreapp3.0)
      System.Collections.Specialized (>= 4.3) - restriction: == netcoreapp3.0
      System.ComponentModel (>= 4.3) - restriction: == netcoreapp3.0
      System.ComponentModel.Primitives (>= 4.3)
      System.Globalization (>= 4.3) - restriction: == netcoreapp3.0
      System.Linq (>= 4.3) - restriction: == netcoreapp3.0
      System.Reflection (>= 4.3) - restriction: == netcoreapp3.0
      System.Reflection.Extensions (>= 4.3) - restriction: == netcoreapp3.0
      System.Reflection.Primitives (>= 4.3) - restriction: == netcoreapp3.0
      System.Reflection.TypeExtensions (>= 4.3) - restriction: == netcoreapp3.0
      System.Resources.ResourceManager (>= 4.3) - restriction: == netcoreapp3.0
      System.Runtime (>= 4.3) - restriction: == netcoreapp3.0
      System.Runtime.Extensions (>= 4.3) - restriction: == netcoreapp3.0
      System.Threading (>= 4.3) - restriction: == netcoreapp3.0
    System.Diagnostics.Debug (4.3) - restriction: || (&& (== net45) (>= netcoreapp1.0)) (== netcoreapp3.0)
      Microsoft.NETCore.Platforms (>= 1.1) - restriction: == netcoreapp3.0
      Microsoft.NETCore.Targets (>= 1.1) - restriction: == netcoreapp3.0
      System.Runtime (>= 4.3) - restriction: == netcoreapp3.0
    System.Diagnostics.Process (4.3) - restriction: || (&& (== net45) (>= netcoreapp1.0)) (== netcoreapp3.0)
      Microsoft.NETCore.Platforms (>= 1.1) - restriction: || (&& (== net45) (>= netstandard1.4)) (== netcoreapp3.0)
      Microsoft.Win32.Primitives (>= 4.3) - restriction: || (&& (== net45) (>= netstandard1.4)) (== netcoreapp3.0)
      Microsoft.Win32.Registry (>= 4.3) - restriction: || (&& (== net45) (>= netstandard1.4)) (== netcoreapp3.0)
      runtime.native.System (>= 4.3) - restriction: || (&& (== net45) (>= netstandard1.4)) (== netcoreapp3.0)
      System.Collections (>= 4.3) - restriction: || (&& (== net45) (>= netstandard1.4)) (== netcoreapp3.0)
      System.Diagnostics.Debug (>= 4.3) - restriction: || (&& (== net45) (>= netstandard1.4)) (== netcoreapp3.0)
      System.Globalization (>= 4.3) - restriction: || (&& (== net45) (>= netstandard1.4)) (== netcoreapp3.0)
      System.IO (>= 4.3) - restriction: || (&& (== net45) (>= netstandard1.3)) (&& (== net45) (>= netstandard1.4)) (== netcoreapp3.0)
      System.IO.FileSystem (>= 4.3) - restriction: || (&& (== net45) (>= netstandard1.4)) (== netcoreapp3.0)
      System.IO.FileSystem.Primitives (>= 4.3) - restriction: || (&& (== net45) (>= netstandard1.4)) (== netcoreapp3.0)
      System.Resources.ResourceManager (>= 4.3) - restriction: || (&& (== net45) (>= netstandard1.4)) (== netcoreapp3.0)
      System.Runtime (>= 4.3) - restriction: || (&& (== net45) (>= netstandard1.3)) (&& (== net45) (>= netstandard1.4)) (== netcoreapp3.0)
      System.Runtime.Extensions (>= 4.3) - restriction: || (&& (== net45) (>= netstandard1.4)) (== netcoreapp3.0)
      System.Runtime.Handles (>= 4.3) - restriction: || (&& (== net45) (>= netstandard1.3)) (&& (== net45) (>= netstandard1.4)) (== netcoreapp3.0)
      System.Runtime.InteropServices (>= 4.3) - restriction: || (&& (== net45) (>= netstandard1.4)) (== netcoreapp3.0)
      System.Text.Encoding (>= 4.3) - restriction: || (&& (== net45) (>= netstandard1.3)) (&& (== net45) (>= netstandard1.4)) (== netcoreapp3.0)
      System.Text.Encoding.Extensions (>= 4.3) - restriction: || (&& (== net45) (>= netstandard1.4)) (== netcoreapp3.0)
      System.Threading (>= 4.3) - restriction: || (&& (== net45) (>= netstandard1.4)) (== netcoreapp3.0)
      System.Threading.Tasks (>= 4.3) - restriction: || (&& (== net45) (>= netstandard1.4)) (== netcoreapp3.0)
      System.Threading.Thread (>= 4.3) - restriction: || (&& (== net45) (>= netstandard1.4)) (== netcoreapp3.0)
      System.Threading.ThreadPool (>= 4.3) - restriction: || (&& (== net45) (>= netstandard1.4)) (== netcoreapp3.0)
    System.Globalization (4.3) - restriction: || (&& (== net45) (>= netcoreapp1.0)) (== netcoreapp3.0)
      Microsoft.NETCore.Platforms (>= 1.1) - restriction: == netcoreapp3.0
      Microsoft.NETCore.Targets (>= 1.1) - restriction: == netcoreapp3.0
      System.Runtime (>= 4.3) - restriction: == netcoreapp3.0
    System.Globalization.Extensions (4.3) - restriction: || (&& (== net45) (>= netcoreapp1.0)) (== netcoreapp3.0)
      Microsoft.NETCore.Platforms (>= 1.1) - restriction: || (&& (== net45) (>= netstandard1.3)) (== netcoreapp3.0)
      System.Globalization (>= 4.3) - restriction: || (&& (== net45) (>= netstandard1.3)) (== netcoreapp3.0)
      System.Resources.ResourceManager (>= 4.3) - restriction: || (&& (== net45) (>= netstandard1.3)) (== netcoreapp3.0)
      System.Runtime (>= 4.3) - restriction: || (&& (== net45) (>= netstandard1.3)) (== netcoreapp3.0)
      System.Runtime.Extensions (>= 4.3) - restriction: || (&& (== net45) (>= netstandard1.3)) (== netcoreapp3.0)
      System.Runtime.InteropServices (>= 4.3) - restriction: || (&& (== net45) (>= netstandard1.3)) (== netcoreapp3.0)
    System.IO (4.3) - restriction: || (&& (== net45) (>= netcoreapp1.0)) (== netcoreapp3.0)
      Microsoft.NETCore.Platforms (>= 1.1) - restriction: == netcoreapp3.0
      Microsoft.NETCore.Targets (>= 1.1) - restriction: == netcoreapp3.0
      System.Runtime (>= 4.3) - restriction: == netcoreapp3.0
      System.Text.Encoding (>= 4.3) - restriction: == netcoreapp3.0
      System.Threading.Tasks (>= 4.3) - restriction: == netcoreapp3.0
    System.IO.FileSystem (4.3) - restriction: || (&& (== net45) (>= netcoreapp1.0)) (== netcoreapp3.0)
      Microsoft.NETCore.Platforms (>= 1.1) - restriction: || (&& (== net45) (>= netstandard1.3)) (== netcoreapp3.0)
      Microsoft.NETCore.Targets (>= 1.1) - restriction: || (&& (== net45) (>= netstandard1.3)) (== netcoreapp3.0)
      System.IO (>= 4.3) - restriction: || (&& (== net45) (>= netstandard1.3)) (== netcoreapp3.0)
      System.IO.FileSystem.Primitives (>= 4.3) - restriction: || (&& (== net45) (>= net46)) (&& (== net45) (>= netstandard1.3)) (== netcoreapp3.0)
      System.Runtime (>= 4.3) - restriction: || (&& (== net45) (>= netstandard1.3)) (== netcoreapp3.0)
      System.Runtime.Handles (>= 4.3) - restriction: || (&& (== net45) (>= netstandard1.3)) (== netcoreapp3.0)
      System.Text.Encoding (>= 4.3) - restriction: || (&& (== net45) (>= netstandard1.3)) (== netcoreapp3.0)
      System.Threading.Tasks (>= 4.3) - restriction: || (&& (== net45) (>= netstandard1.3)) (== netcoreapp3.0)
    System.IO.FileSystem.Primitives (4.3) - restriction: || (&& (== net45) (>= netcoreapp1.0)) (== netcoreapp3.0)
      System.Runtime (>= 4.3) - restriction: || (&& (== net45) (>= netstandard1.3)) (== netcoreapp3.0)
    System.Linq (4.3) - restriction: || (&& (== net45) (>= netcoreapp1.0)) (== netcoreapp3.0)
      System.Collections (>= 4.3) - restriction: == netcoreapp3.0
      System.Diagnostics.Debug (>= 4.3) - restriction: == netcoreapp3.0
      System.Resources.ResourceManager (>= 4.3) - restriction: == netcoreapp3.0
      System.Runtime (>= 4.3) - restriction: == netcoreapp3.0
      System.Runtime.Extensions (>= 4.3) - restriction: == netcoreapp3.0
    System.Reflection (4.3) - restriction: || (&& (== net45) (>= netcoreapp1.0)) (== netcoreapp3.0)
      Microsoft.NETCore.Platforms (>= 1.1) - restriction: == netcoreapp3.0
      Microsoft.NETCore.Targets (>= 1.1) - restriction: == netcoreapp3.0
      System.IO (>= 4.3) - restriction: == netcoreapp3.0
      System.Reflection.Primitives (>= 4.3) - restriction: == netcoreapp3.0
      System.Runtime (>= 4.3) - restriction: == netcoreapp3.0
    System.Reflection.Extensions (4.3) - restriction: || (&& (== net45) (>= netcoreapp1.0)) (== netcoreapp3.0)
      Microsoft.NETCore.Platforms (>= 1.1) - restriction: == netcoreapp3.0
      Microsoft.NETCore.Targets (>= 1.1) - restriction: == netcoreapp3.0
      System.Reflection (>= 4.3) - restriction: == netcoreapp3.0
      System.Runtime (>= 4.3) - restriction: == netcoreapp3.0
    System.Reflection.Primitives (4.3) - restriction: || (&& (== net45) (>= netcoreapp1.0)) (== netcoreapp3.0)
      Microsoft.NETCore.Platforms (>= 1.1) - restriction: == netcoreapp3.0
      Microsoft.NETCore.Targets (>= 1.1) - restriction: == netcoreapp3.0
      System.Runtime (>= 4.3) - restriction: == netcoreapp3.0
    System.Reflection.TypeExtensions (4.5.1) - restriction: || (&& (== net45) (>= netcoreapp1.0)) (== netcoreapp3.0)
    System.Resources.ResourceManager (4.3) - restriction: || (&& (== net45) (>= netcoreapp1.0)) (== netcoreapp3.0)
      Microsoft.NETCore.Platforms (>= 1.1) - restriction: == netcoreapp3.0
      Microsoft.NETCore.Targets (>= 1.1) - restriction: == netcoreapp3.0
      System.Globalization (>= 4.3) - restriction: == netcoreapp3.0
      System.Reflection (>= 4.3) - restriction: == netcoreapp3.0
      System.Runtime (>= 4.3) - restriction: == netcoreapp3.0
    System.Runtime (4.3.1) - restriction: || (&& (== net45) (>= netcoreapp1.0)) (== netcoreapp3.0)
      Microsoft.NETCore.Platforms (>= 1.1.1) - restriction: == netcoreapp3.0
      Microsoft.NETCore.Targets (>= 1.1.3) - restriction: == netcoreapp3.0
    System.Runtime.Extensions (4.3.1) - restriction: || (&& (== net45) (>= netcoreapp1.0)) (== netcoreapp3.0)
      Microsoft.NETCore.Platforms (>= 1.1.1) - restriction: == netcoreapp3.0
      Microsoft.NETCore.Targets (>= 1.1.3) - restriction: == netcoreapp3.0
      System.Runtime (>= 4.3.1) - restriction: == netcoreapp3.0
    System.Runtime.Handles (4.3) - restriction: || (&& (== net45) (>= netcoreapp1.0)) (== netcoreapp3.0)
      Microsoft.NETCore.Platforms (>= 1.1) - restriction: || (&& (== net45) (>= netstandard1.3)) (== netcoreapp3.0)
      Microsoft.NETCore.Targets (>= 1.1) - restriction: || (&& (== net45) (>= netstandard1.3)) (== netcoreapp3.0)
      System.Runtime (>= 4.3) - restriction: || (&& (== net45) (>= netstandard1.3)) (== netcoreapp3.0)
    System.Runtime.InteropServices (4.3) - restriction: || (&& (== net45) (>= netcoreapp1.0)) (== netcoreapp3.0)
      Microsoft.NETCore.Platforms (>= 1.1) - restriction: || (&& (== net45) (>= netcoreapp1.1)) (== netcoreapp3.0)
      Microsoft.NETCore.Targets (>= 1.1) - restriction: || (&& (== net45) (>= netcoreapp1.1)) (== netcoreapp3.0)
      System.Reflection (>= 4.3) - restriction: || (&& (== net45) (>= netcoreapp1.1)) (== netcoreapp3.0)
      System.Reflection.Primitives (>= 4.3) - restriction: || (&& (== net45) (>= netcoreapp1.1)) (== netcoreapp3.0)
      System.Runtime (>= 4.3) - restriction: || (&& (== net45) (>= net462)) (&& (== net45) (>= netcoreapp1.1)) (== netcoreapp3.0)
      System.Runtime.Handles (>= 4.3) - restriction: || (&& (== net45) (>= netcoreapp1.1)) (== netcoreapp3.0)
    System.Runtime.InteropServices.RuntimeInformation (4.3) - restriction: || (&& (== net45) (>= netcoreapp1.0)) (== netcoreapp3.0)
      runtime.native.System (>= 4.3) - restriction: == netcoreapp3.0
      System.Reflection (>= 4.3) - restriction: == netcoreapp3.0
      System.Reflection.Extensions (>= 4.3) - restriction: == netcoreapp3.0
      System.Resources.ResourceManager (>= 4.3) - restriction: == netcoreapp3.0
      System.Runtime (>= 4.3) - restriction: == netcoreapp3.0
      System.Runtime.InteropServices (>= 4.3) - restriction: == netcoreapp3.0
      System.Threading (>= 4.3) - restriction: == netcoreapp3.0
    System.Security.AccessControl (4.5) - restriction: || (&& (== net45) (>= monoandroid) (>= netcoreapp1.0)) (&& (== net45) (>= monotouch) (>= netcoreapp1.0)) (&& (== net45) (>= net461) (>= netcoreapp1.0)) (&& (== net45) (>= netcoreapp1.0) (>= netstandard2.0)) (&& (== net45) (>= netcoreapp1.0) (>= xamarinios)) (&& (== net45) (>= netcoreapp1.0) (>= xamarinmac)) (&& (== net45) (>= netcoreapp1.0) (>= xamarintvos)) (&& (== net45) (>= netcoreapp1.0) (>= xamarinwatchos)) (&& (== net45) (>= netcoreapp2.0)) (== netcoreapp3.0)
      Microsoft.NETCore.Platforms (>= 2.0) - restriction: || (&& (== net45) (>= netcoreapp2.0)) (== netcoreapp3.0)
      System.Security.Principal.Windows (>= 4.5) - restriction: || (&& (== net45) (>= net461)) (&& (== net45) (>= netcoreapp2.0)) (&& (== net45) (>= netstandard2.0)) (== netcoreapp3.0)
    System.Security.Principal.Windows (4.5.1) - restriction: || (&& (== net45) (>= monoandroid) (>= netcoreapp1.0)) (&& (== net45) (>= monotouch) (>= netcoreapp1.0)) (&& (== net45) (>= net461) (>= netcoreapp1.0)) (&& (== net45) (>= netcoreapp1.0) (>= netstandard2.0)) (&& (== net45) (>= netcoreapp1.0) (>= xamarinios)) (&& (== net45) (>= netcoreapp1.0) (>= xamarinmac)) (&& (== net45) (>= netcoreapp1.0) (>= xamarintvos)) (&& (== net45) (>= netcoreapp1.0) (>= xamarinwatchos)) (&& (== net45) (>= netcoreapp2.0)) (== netcoreapp3.0)
      Microsoft.NETCore.Platforms (>= 2.0) - restriction: || (&& (== net45) (>= netcoreapp2.0)) (== netcoreapp3.0)
    System.Text.Encoding (4.3) - restriction: || (&& (== net45) (>= netcoreapp1.0)) (== netcoreapp3.0)
      Microsoft.NETCore.Platforms (>= 1.1) - restriction: == netcoreapp3.0
      Microsoft.NETCore.Targets (>= 1.1) - restriction: == netcoreapp3.0
      System.Runtime (>= 4.3) - restriction: == netcoreapp3.0
    System.Text.Encoding.Extensions (4.3) - restriction: || (&& (== net45) (>= netcoreapp1.0)) (== netcoreapp3.0)
      Microsoft.NETCore.Platforms (>= 1.1) - restriction: == netcoreapp3.0
      Microsoft.NETCore.Targets (>= 1.1) - restriction: == netcoreapp3.0
      System.Runtime (>= 4.3) - restriction: == netcoreapp3.0
      System.Text.Encoding (>= 4.3) - restriction: == netcoreapp3.0
    System.Text.RegularExpressions (4.3.1) - restriction: || (&& (== net45) (>= netcoreapp1.0)) (== netcoreapp3.0)
      System.Runtime (>= 4.3.1) - restriction: || (&& (== net45) (>= netcoreapp1.1)) (== netcoreapp3.0)
    System.Threading (4.3) - restriction: || (&& (== net45) (>= netcoreapp1.0)) (== netcoreapp3.0)
      System.Runtime (>= 4.3) - restriction: == netcoreapp3.0
      System.Threading.Tasks (>= 4.3) - restriction: == netcoreapp3.0
    System.Threading.Tasks (4.3) - restriction: || (&& (== net45) (>= netcoreapp1.0)) (== netcoreapp3.0)
      Microsoft.NETCore.Platforms (>= 1.1) - restriction: == netcoreapp3.0
      Microsoft.NETCore.Targets (>= 1.1) - restriction: == netcoreapp3.0
      System.Runtime (>= 4.3) - restriction: == netcoreapp3.0
    System.Threading.Tasks.Extensions (4.5.3) - restriction: || (&& (== net45) (>= netcoreapp1.0)) (== netcoreapp3.0)
    System.Threading.Thread (4.3) - restriction: || (&& (== net45) (>= netcoreapp1.0)) (== netcoreapp3.0)
      System.Runtime (>= 4.3) - restriction: || (&& (== net45) (>= netstandard1.3)) (== netcoreapp3.0)
    System.Threading.ThreadPool (4.3) - restriction: || (&& (== net45) (>= netcoreapp1.0)) (== netcoreapp3.0)
      System.Runtime (>= 4.3) - restriction: || (&& (== net45) (>= netstandard1.3)) (== netcoreapp3.0)
      System.Runtime.Handles (>= 4.3) - restriction: || (&& (== net45) (>= netstandard1.3)) (== netcoreapp3.0)
    System.Xml.ReaderWriter (4.3.1) - restriction: || (&& (== net45) (>= netcoreapp1.0)) (== netcoreapp3.0)
      System.Collections (>= 4.3) - restriction: == netcoreapp3.0
      System.Diagnostics.Debug (>= 4.3) - restriction: == netcoreapp3.0
      System.Globalization (>= 4.3) - restriction: == netcoreapp3.0
      System.IO (>= 4.3) - restriction: == netcoreapp3.0
      System.IO.FileSystem (>= 4.3) - restriction: == netcoreapp3.0
      System.IO.FileSystem.Primitives (>= 4.3) - restriction: == netcoreapp3.0
      System.Resources.ResourceManager (>= 4.3) - restriction: == netcoreapp3.0
      System.Runtime (>= 4.3) - restriction: == netcoreapp3.0
      System.Runtime.Extensions (>= 4.3) - restriction: == netcoreapp3.0
      System.Runtime.InteropServices (>= 4.3) - restriction: == netcoreapp3.0
      System.Text.Encoding (>= 4.3) - restriction: == netcoreapp3.0
      System.Text.Encoding.Extensions (>= 4.3) - restriction: == netcoreapp3.0
      System.Text.RegularExpressions (>= 4.3) - restriction: == netcoreapp3.0
      System.Threading.Tasks (>= 4.3) - restriction: == netcoreapp3.0
      System.Threading.Tasks.Extensions (>= 4.3) - restriction: == netcoreapp3.0
    System.Xml.XmlDocument (4.3) - restriction: || (&& (== net45) (>= netcoreapp1.0)) (== netcoreapp3.0)
      System.Collections (>= 4.3) - restriction: || (&& (== net45) (>= netstandard1.3)) (== netcoreapp3.0)
      System.Diagnostics.Debug (>= 4.3) - restriction: || (&& (== net45) (>= netstandard1.3)) (== netcoreapp3.0)
      System.Globalization (>= 4.3) - restriction: || (&& (== net45) (>= netstandard1.3)) (== netcoreapp3.0)
      System.IO (>= 4.3) - restriction: || (&& (== net45) (>= netstandard1.3)) (== netcoreapp3.0)
      System.Resources.ResourceManager (>= 4.3) - restriction: || (&& (== net45) (>= netstandard1.3)) (== netcoreapp3.0)
      System.Runtime (>= 4.3) - restriction: || (&& (== net45) (>= netstandard1.3)) (== netcoreapp3.0)
      System.Runtime.Extensions (>= 4.3) - restriction: || (&& (== net45) (>= netstandard1.3)) (== netcoreapp3.0)
      System.Text.Encoding (>= 4.3) - restriction: || (&& (== net45) (>= netstandard1.3)) (== netcoreapp3.0)
      System.Threading (>= 4.3) - restriction: || (&& (== net45) (>= netstandard1.3)) (== netcoreapp3.0)
      System.Xml.ReaderWriter (>= 4.3) - restriction: || (&& (== net45) (>= netstandard1.3)) (== netcoreapp3.0)
    System.Xml.XPath (4.3) - restriction: || (&& (== net45) (>= netcoreapp1.0)) (== netcoreapp3.0)
      System.Collections (>= 4.3) - restriction: || (&& (== net45) (>= netstandard1.3)) (== netcoreapp3.0)
      System.Diagnostics.Debug (>= 4.3) - restriction: || (&& (== net45) (>= netstandard1.3)) (== netcoreapp3.0)
      System.Globalization (>= 4.3) - restriction: || (&& (== net45) (>= netstandard1.3)) (== netcoreapp3.0)
      System.IO (>= 4.3) - restriction: || (&& (== net45) (>= netstandard1.3)) (== netcoreapp3.0)
      System.Resources.ResourceManager (>= 4.3) - restriction: || (&& (== net45) (>= netstandard1.3)) (== netcoreapp3.0)
      System.Runtime (>= 4.3) - restriction: || (&& (== net45) (>= netstandard1.3)) (== netcoreapp3.0)
      System.Runtime.Extensions (>= 4.3) - restriction: || (&& (== net45) (>= netstandard1.3)) (== netcoreapp3.0)
      System.Threading (>= 4.3) - restriction: || (&& (== net45) (>= netstandard1.3)) (== netcoreapp3.0)
      System.Xml.ReaderWriter (>= 4.3) - restriction: || (&& (== net45) (>= netstandard1.3)) (== netcoreapp3.0)
    System.Xml.XPath.XmlDocument (4.3) - restriction: || (&& (== net45) (>= netcoreapp1.0)) (== netcoreapp3.0)
      System.Collections (>= 4.3) - restriction: || (&& (== net45) (>= netstandard1.3)) (== netcoreapp3.0)
      System.Globalization (>= 4.3) - restriction: || (&& (== net45) (>= netstandard1.3)) (== netcoreapp3.0)
      System.IO (>= 4.3) - restriction: || (&& (== net45) (>= netstandard1.3)) (== netcoreapp3.0)
      System.Resources.ResourceManager (>= 4.3) - restriction: || (&& (== net45) (>= netstandard1.3)) (== netcoreapp3.0)
      System.Runtime (>= 4.3) - restriction: || (&& (== net45) (>= netstandard1.3)) (== netcoreapp3.0)
      System.Runtime.Extensions (>= 4.3) - restriction: || (&& (== net45) (>= netstandard1.3)) (== netcoreapp3.0)
      System.Threading (>= 4.3) - restriction: || (&& (== net45) (>= netstandard1.3)) (== netcoreapp3.0)
      System.Xml.ReaderWriter (>= 4.3) - restriction: || (&& (== net45) (>= netstandard1.3)) (== netcoreapp3.0)
      System.Xml.XmlDocument (>= 4.3) - restriction: || (&& (== net45) (>= net46)) (&& (== net45) (>= netstandard1.3)) (== netcoreapp3.0)
      System.Xml.XPath (>= 4.3) - restriction: || (&& (== net45) (>= net46)) (&& (== net45) (>= netstandard1.3)) (== netcoreapp3.0)
